GEM
  remote: https://rubygems.org/
  specs:
    RedCloth (4.1.9)
    cmdparse (2.0.6)
    colored (1.2)
    webgen (0.4.7)
      RedCloth (>= 3.0.0)
      cmdparse (~> 2.0.0)

PLATFORMS
  ruby

DEPENDENCIES
  RedCloth (= 4.1.9)
  cmdparse
  colored
  webgen (= 0.4.7)
