GEM
  remote: https://rubygems.org/
  specs:
    RedCloth (4.1.9)
    cmdparse (2.0.6)
    coderay (1.1.0)
    colored (1.2)
    method_source (0.8.2)
    pry (0.10.0)
      coderay (~> 1.1.0)
      method_source (~> 0.8.1)
      slop (~> 3.4)
    slop (3.6.0)
    webgen (0.4.7)
      RedCloth (>= 3.0.0)
      cmdparse (~> 2.0.0)

PLATFORMS
  ruby

DEPENDENCIES
  RedCloth (= 4.1.9)
  cmdparse
  colored
  pry
  webgen (= 0.4.7)
